PATH
  remote: .
  specs:
    rongcloud_ruby (0.1.0)

GEM
  remote: http://ruby.taobao.org/
  specs:
    fakeweb (1.3.0)
    mime-types (2.4.3)
    netrc (0.10.2)
    rake (10.4.2)
    rest-client (1.7.2)
      mime-types (>= 1.16, < 3.0)
      netrc (~> 0.7)

PLATFORMS
  ruby

DEPENDENCIES
  bundler (~> 1.6)
  fakeweb (~> 1.3)
  rake
  rest-client (~> 1.7.2)
  rongcloud_ruby!
